GEM
  remote: http://www.rubygems.org/
  specs:
    hashie (3.5.3)
    httmultiparty (0.3.16)
      httparty (>= 0.7.3)
      mimemagic
      multipart-post
    httparty (0.14.0)
      multi_xml (>= 0.5.2)
    mimemagic (0.3.2)
    multi_xml (0.6.0)
    multipart-post (2.0.0)
    rack (1.6.5)
    rack-protection (1.5.3)
      rack
    sinatra (1.4.8)
      rack (~> 1.5)
      rack-protection (~> 1.4)
      tilt (>= 1.3, < 3)
    soundcloud (0.3.4)
      hashie
      httmultiparty (~> 0.3.0)
    tilt (2.0.6)

PLATFORMS
  ruby

DEPENDENCIES
  rack
  sinatra
  soundcloud

RUBY VERSION
   ruby 2.3.3p222

BUNDLED WITH
   1.13.7
